GEM
  remote: https://rubygems.org/
  specs:
    atk (4.2.7)
      glib2 (= 4.2.7)
    cairo (1.17.14)
      native-package-installer (>= 1.0.3)
      pkg-config (>= 1.2.2)
      red-colors
    cairo-gobject (4.2.7)
      cairo (>= 1.16.2)
      glib2 (= 4.2.7)
    diff-lcs (1.5.1)
    docx (0.8.0)
      nokogiri (~> 1.13, >= 1.13.0)
      rubyzip (~> 2.0)
    fiddle (1.1.6)
    gdk3 (4.2.7)
      cairo-gobject (= 4.2.7)
      gdk_pixbuf2 (= 4.2.7)
      pango (= 4.2.7)
    gdk_pixbuf2 (4.2.7)
      gio2 (= 4.2.7)
    gio2 (4.2.7)
      fiddle
      gobject-introspection (= 4.2.7)
    glib2 (4.2.7)
      native-package-installer (>= 1.0.3)
      pkg-config (>= 1.3.5)
    gobject-introspection (4.2.7)
      glib2 (= 4.2.7)
    gtk3 (4.2.7)
      atk (= 4.2.7)
      gdk3 (= 4.2.7)
    json (2.9.1)
    matrix (0.4.2)
    native-package-installer (1.1.9)
    nokogiri (1.18.2-aarch64-linux-gnu)
      racc (~> 1.4)
    nokogiri (1.18.2-aarch64-linux-musl)
      racc (~> 1.4)
    nokogiri (1.18.2-arm-linux-gnu)
      racc (~> 1.4)
    nokogiri (1.18.2-arm-linux-musl)
      racc (~> 1.4)
    nokogiri (1.18.2-arm64-darwin)
      racc (~> 1.4)
    nokogiri (1.18.2-x86_64-darwin)
      racc (~> 1.4)
    nokogiri (1.18.2-x86_64-linux-gnu)
      racc (~> 1.4)
    nokogiri (1.18.2-x86_64-linux-musl)
      racc (~> 1.4)
    pango (4.2.7)
      cairo-gobject (= 4.2.7)
      gobject-introspection (= 4.2.7)
    pkg-config (1.5.9)
    racc (1.8.1)
    rake (13.2.1)
    red-colors (0.4.0)
      json
      matrix
    roo (2.10.1)
      nokogiri (~> 1)
      rubyzip (>= 1.3.0, < 3.0.0)
    rspec (3.13.0)
      rspec-core (~> 3.13.0)
      rspec-expectations (~> 3.13.0)
      rspec-mocks (~> 3.13.0)
    rspec-core (3.13.2)
      rspec-support (~> 3.13.0)
    rspec-expectations (3.13.3)
      diff-lcs (>= 1.2.0, < 2.0)
      rspec-support (~> 3.13.0)
    rspec-mocks (3.13.2)
      diff-lcs (>= 1.2.0, < 2.0)
      rspec-support (~> 3.13.0)
    rspec-support (3.13.2)
    rubyXL (3.4.33)
      nokogiri (>= 1.10.8)
      rubyzip (>= 1.3.0)
    rubyzip (2.4.1)

PLATFORMS
  aarch64-linux-gnu
  aarch64-linux-musl
  arm-linux-gnu
  arm-linux-musl
  arm64-darwin
  x86_64-darwin
  x86_64-linux-gnu
  x86_64-linux-musl

DEPENDENCIES
  docx
  gtk3
  rake
  roo
  rspec
  rubyXL

BUNDLED WITH
   2.6.3
